GIT
  remote: https://github.com/colszowka/simplecov.git
  revision: 9056bd3852d0daca2221c9b0a964b8abada1c48c
  specs:
    simplecov (0.18.5)
      docile (~> 1.1)
      simplecov-html (~> 0.11)

PATH
  remote: .
  specs:
    simplecov-html (0.12.2)

GEM
  remote: https://rubygems.org/
  specs:
    ast (2.4.0)
    concurrent-ruby (1.1.5)
    docile (1.3.2)
    execjs (2.7.0)
    jaro_winkler (1.5.4)
    minitest (5.14.0)
    parallel (1.19.1)
    parser (2.7.0.2)
      ast (~> 2.4.0)
    rack (2.1.2)
    rainbow (3.0.0)
    rake (13.0.1)
    rubocop (0.79.0)
      jaro_winkler (~> 1.5.1)
      parallel (~> 1.10)
      parser (>= 2.7.0.1)
      rainbow (>= 2.2.2, < 4.0)
      ruby-progressbar (~> 1.7)
      unicode-display_width (>= 1.4.0, < 1.7)
    ruby-progressbar (1.10.1)
    sprockets (3.7.2)
      concurrent-ruby (~> 1.0)
      rack (> 1, < 3)
    uglifier (4.2.0)
      execjs (>= 0.3.0, < 3)
    unicode-display_width (1.6.1)
    yui-compressor (0.12.0)

PLATFORMS
  ruby

DEPENDENCIES
  minitest
  rake (>= 11)
  rubocop
  simplecov!
  simplecov-html!
  sprockets (~> 3.7)
  uglifier
  yui-compressor

BUNDLED WITH
   2.1.4
